GEM
  remote: https://rubygems.org/
  specs:
    cog-rb (0.4.4)
      rake (~> 11.2)
    dogapi (1.25.0)
      multi_json
    multi_json (1.12.1)
    rake (11.3.0)

PLATFORMS
  ruby

DEPENDENCIES
  cog-rb (~> 0.4.4)
  dogapi (~> 1.25.0)

BUNDLED WITH
   1.14.3
